GEM
  remote: http://rubygems.org/
  specs:
    backports (3.3.1)
    iching (0.1.0)
      backports
    kgio (2.8.0)
    marky_markov (0.3.4)
      ox (~> 1.4)
    naive_bayes (0.0.3)
    ox (1.9.4)
    rack (1.5.2)
    rack-protection (1.5.0)
      rack
    raindrops (0.11.0)
    rake (10.0.4)
    sinatra (1.4.2)
      rack (~> 1.5, >= 1.5.2)
      rack-protection (~> 1.4)
      tilt (~> 1.3, >= 1.3.4)
    tilt (1.4.1)
    unicorn (4.6.2)
      kgio (~> 2.6)
      rack
      raindrops (~> 0.7)

PLATFORMS
  ruby

DEPENDENCIES
  iching
  marky_markov
  naive_bayes
  rake
  sinatra
  unicorn
